{
  "TaskName": "rest eyes closed",
  "SamplingFrequency": 200,
  "EEGChannelCount": 19,
  "EOGChannelCount": 0,
  "ECGChannelCount": 0,
  "EMGChannelCount": 0,
  "MiscChannelCount": 0,
  "TriggerChannelCount": 0,
  "EEGPlacementScheme": "10-20",
  "EEGReference": "linked earlobes (A1 and A2)",
  "PowerLineFrequency": 60,
  "SoftwareFilters": "n/a",
  "RecordingDuration": 825.68,
  "RecordingType": "continuous",
  "EEGGround": "linked earlobes (A1 and A2)",
  "SubjectArtefactDescription": "muscle activity and eye movements",
  "InstitutionName": "CIREN",
  "InstitutionAddress": "ave 13 and 202 Siboney, Playa La Habana Cuba",
  "InstitutionalDepartmentName": "Clinical Neurophysiology department",
  "Manufacturer": "NEURONIC",
  "ManufacturersModelName": "Medicid IV",
  "SoftwareVersions": "Track Walker TM v5.0",
  "HardwareFilters": {
    "Band-pass filter": {
      "LowCutoff": 0.5,
      "HighCutoff": 30,
      "Units": "Hz"
    }
  },
  "EEGAmplification": 10600,
  "EEGAnalogDigitalConverterResolution": "12-bit",
  "EEGElectrodeImpedance": "below 5 kOhm",
  "MedicationState": "defined-ON state; participants took their usual morning medication before EEG recording",
  "MISCChannelCount": 0,
  "TaskDescription": "Participants rested with eyes closed during EEG recording.",
  "Instructions": "Participants were instructed to remain at rest with eyes closed and to take their usual morning medication before EEG recording."
}
